PATH
  remote: .
  specs:
    incr (0.7.1)
      git (= 1.10.2)
      gli (= 2.21.0)
      sem_version (= 2.0.1)

GEM
  remote: https://rubygems.org/
  specs:
    ast (2.4.2)
    git (1.10.2)
      rchardet (~> 1.8)
    gli (2.21.0)
    meowcop (3.1.0)
      rubocop (>= 1.13.0, < 2.0.0)
    parallel (1.21.0)
    parser (3.1.1.0)
      ast (~> 2.4.1)
    rainbow (3.1.1)
    rchardet (1.8.0)
    regexp_parser (2.2.1)
    rexml (3.2.5)
    rubocop (1.26.0)
      parallel (~> 1.10)
      parser (>= 3.1.0.0)
      rainbow (>= 2.2.2, < 4.0)
      regexp_parser (>= 1.8, < 3.0)
      rexml
      rubocop-ast (>= 1.16.0, < 2.0)
      ruby-progressbar (~> 1.7)
      unicode-display_width (>= 1.4.0, < 3.0)
    rubocop-ast (1.16.0)
      parser (>= 3.1.1.0)
    ruby-progressbar (1.11.0)
    sem_version (2.0.1)
    unicode-display_width (2.1.0)

PLATFORMS
  ruby

DEPENDENCIES
  incr!
  meowcop (= 3.1)
  rubocop (= 1.26.0)

BUNDLED WITH
   1.16.6
